GEM
  remote: https://rubygems.org/
  specs:
    google-search (1.0.3)
      json
    json (1.8.3)
    ruby_cli (0.2.1)

PLATFORMS
  ruby

DEPENDENCIES
  google-search
  ruby_cli

BUNDLED WITH
   1.11.2
